GEM
  remote: http://rubygems.org/
  specs:
    abstract (1.0.0)
    actionmailer (3.0.3)
      actionpack (= 3.0.3)
      mail (~> 2.2.9)
    actionpack (3.0.3)
      activemodel (= 3.0.3)
      activesupport (= 3.0.3)
      builder (~> 2.1.2)
      erubis (~> 2.6.6)
      i18n (~> 0.4)
      rack (~> 1.2.1)
      rack-mount (~> 0.6.13)
      rack-test (~> 0.5.6)
      tzinfo (~> 0.3.23)
    activemodel (3.0.3)
      activesupport (= 3.0.3)
      builder (~> 2.1.2)
      i18n (~> 0.4)
    activerecord (3.0.3)
      activemodel (= 3.0.3)
      activesupport (= 3.0.3)
      arel (~> 2.0.2)
      tzinfo (~> 0.3.23)
    activeresource (3.0.3)
      activemodel (= 3.0.3)
      activesupport (= 3.0.3)
    activesupport (3.0.3)
    arel (2.0.6)
    bcrypt-ruby (2.1.3)
    bson (1.1.5)
    bson_ext (1.1.5)
    builder (2.1.2)
    capistrano (2.5.19)
      highline
      net-scp (>= 1.0.0)
      net-sftp (>= 2.0.0)
      net-ssh (>= 2.0.14)
      net-ssh-gateway (>= 1.0.0)
    capybara (0.4.0)
      celerity (>= 0.7.9)
      culerity (>= 0.2.4)
      mime-types (>= 1.16)
      nokogiri (>= 1.3.3)
      rack (>= 1.0.0)
      rack-test (>= 0.5.4)
      selenium-webdriver (>= 0.0.27)
      xpath (~> 0.1.2)
    celerity (0.8.6)
    childprocess (0.1.6)
      ffi (~> 0.6.3)
    configuration (1.2.0)
    cucumber (0.10.0)
      builder (>= 2.1.2)
      diff-lcs (~> 1.1.2)
      gherkin (~> 2.3.2)
      json (~> 1.4.6)
      term-ansicolor (~> 1.0.5)
    cucumber-rails (0.3.2)
      cucumber (>= 0.8.0)
    culerity (0.2.14)
    daemons (1.1.0)
    delayed_job (2.1.2)
      activesupport (~> 3.0)
      daemons
    devise (1.1.5)
      bcrypt-ruby (~> 2.1.2)
      warden (~> 1.0.2)
    diff-lcs (1.1.2)
    erubis (2.6.6)
      abstract (>= 1.0.0)
    faker (0.9.4)
      i18n (~> 0.4)
    ffi (0.6.3)
      rake (>= 0.8.7)
    formtastic (1.1.0)
      actionpack (>= 2.3.0)
      activesupport (>= 2.3.0)
      i18n (>= 0.4.0)
    gherkin (2.3.3)
      json (~> 1.4.6)
    highline (1.6.1)
    i18n (0.5.0)
    json (1.4.6)
    json_pure (1.4.6)
    launchy (0.3.7)
      configuration (>= 0.0.5)
      rake (>= 0.8.1)
    machinist (1.0.6)
    machinist_mongo (1.1.1)
      machinist (~> 1.0.4)
    mail (2.2.13)
      activesupport (>= 2.3.6)
      i18n (>= 0.4.0)
      mime-types (~> 1.16)
      treetop (~> 1.4.8)
    mime-types (1.16)
    mongo (1.1.5)
      bson (>= 1.1.5)
    mongoid (2.0.0.beta.20)
      activemodel (~> 3.0)
      mongo (~> 1.1)
      tzinfo (~> 0.3.22)
      will_paginate (~> 3.0.pre)
    mongoid_slug (0.5.1)
      mongoid (~> 2.0.0.beta.20)
      stringex (~> 1.2.0)
    net-scp (1.0.4)
      net-ssh (>= 1.99.1)
    net-sftp (2.0.5)
      net-ssh (>= 2.0.9)
    net-ssh (2.0.23)
    net-ssh-gateway (1.0.1)
      net-ssh (>= 1.99.1)
    nifty-generators (0.4.3)
    nokogiri (1.4.4)
    polyglot (0.3.1)
    rack (1.2.1)
    rack-mount (0.6.13)
      rack (>= 1.0.0)
    rack-test (0.5.7)
      rack (>= 1.0)
    rails (3.0.3)
      actionmailer (= 3.0.3)
      actionpack (= 3.0.3)
      activerecord (= 3.0.3)
      activeresource (= 3.0.3)
      activesupport (= 3.0.3)
      bundler (~> 1.0)
      railties (= 3.0.3)
    railties (3.0.3)
      actionpack (= 3.0.3)
      activesupport (= 3.0.3)
      rake (>= 0.8.7)
      thor (~> 0.14.4)
    rake (0.8.7)
    rspec (2.4.0)
      rspec-core (~> 2.4.0)
      rspec-expectations (~> 2.4.0)
      rspec-mocks (~> 2.4.0)
    rspec-core (2.4.0)
    rspec-expectations (2.4.0)
      diff-lcs (~> 1.1.2)
    rspec-mocks (2.4.0)
    rspec-rails (2.4.1)
      actionpack (~> 3.0)
      activesupport (~> 3.0)
      railties (~> 3.0)
      rspec (~> 2.4.0)
    rubyzip (0.9.4)
    selenium-webdriver (0.1.2)
      childprocess (~> 0.1.5)
      ffi (~> 0.6.3)
      json_pure
      rubyzip
    sqlite3-ruby (1.3.2)
    stringex (1.2.0)
    term-ansicolor (1.0.5)
    thor (0.14.6)
    treetop (1.4.9)
      polyglot (>= 0.3.1)
    tzinfo (0.3.23)
    warden (1.0.3)
      rack (>= 1.0.0)
    webrat (0.7.3)
      nokogiri (>= 1.2.0)
      rack (>= 1.0)
      rack-test (>= 0.5.3)
    will_paginate (3.0.pre2)
    xpath (0.1.2)
      nokogiri (~> 1.3)

PLATFORMS
  ruby

DEPENDENCIES
  bson_ext (= 1.1.5)
  capistrano
  capybara
  cucumber
  cucumber-rails
  delayed_job
  devise
  faker
  formtastic (~> 1.1.0)
  launchy
  machinist (~> 1.0.4)
  machinist_mongo
  mongoid (= 2.0.0.beta.20)
  mongoid_slug
  nifty-generators
  rails (= 3.0.3)
  rspec
  rspec-rails
  sqlite3-ruby
  webrat
