GIT
  remote: git://github.com/game7/mongoid_taggable.git
  revision: 70d757409ea67906e028edd501189380f752e86d
  specs:
    mongoid_taggable (0.1.7.1)

GEM
  remote: http://rubygems.org/
  specs:
    CFPropertyList (2.3.0)
    RedCloth (4.2.9)
    ZenTest (4.11.0)
    actionmailer (4.1.3)
      actionpack (= 4.1.3)
      actionview (= 4.1.3)
      mail (~> 2.5.4)
    actionpack (4.1.3)
      actionview (= 4.1.3)
      activesupport (= 4.1.3)
      rack (~> 1.5.2)
      rack-test (~> 0.6.2)
    actionview (4.1.3)
      activesupport (= 4.1.3)
      builder (~> 3.1)
      erubis (~> 2.7.0)
    active_model_serializers (0.9.3)
      activemodel (>= 3.2)
    activemodel (4.1.3)
      activesupport (= 4.1.3)
      builder (~> 3.1)
    activerecord (4.1.3)
      activemodel (= 4.1.3)
      activesupport (= 4.1.3)
      arel (~> 5.0.0)
    activesupport (4.1.3)
      i18n (~> 0.6, >= 0.6.9)
      json (~> 1.7, >= 1.7.7)
      minitest (~> 5.1)
      thread_safe (~> 0.1)
      tzinfo (~> 1.1)
    acts_as_taggable_on (3.0.0.rc2)
      rails (>= 3, < 5)
    addressable (2.3.7)
    ancestry (2.1.0)
      activerecord (>= 3.0.0)
    arel (5.0.1.20140414130214)
    autoprefixer-rails (5.1.5)
      execjs
      json
    autotest (4.4.6)
      ZenTest (>= 4.4.1)
    autotest-notification (2.3.4)
      autotest-standalone (~> 4.5)
    autotest-rails (4.2.1)
      ZenTest (~> 4.5)
    autotest-standalone (4.5.11)
    bcrypt (3.1.10)
    bootstrap-sass (3.2.0.2)
      sass (~> 3.2)
    bson (2.3.0)
    builder (3.2.2)
    capybara (2.4.4)
      mime-types (>= 1.16)
      nokogiri (>= 1.3.3)
      rack (>= 1.0.0)
      rack-test (>= 0.5.4)
      xpath (~> 2.0)
    carrierwave (0.10.0)
      activemodel (>= 3.2.0)
      activesupport (>= 3.2.0)
      json (>= 1.7)
      mime-types (>= 1.16)
    carrierwave-mongoid (0.7.1)
      carrierwave (>= 0.8.0, < 0.11.0)
      mongoid (>= 3.0, < 5.0)
      mongoid-grid_fs (>= 1.3, < 3.0)
    chronic (0.10.2)
    connection_pool (2.1.1)
    database_cleaner (1.4.0)
    devise (3.4.1)
      bcrypt (~> 3.0)
      orm_adapter (~> 0.1)
      railties (>= 3.2.6, < 5)
      responders
      thread_safe (~> 0.1)
      warden (~> 1.2.3)
    diff-lcs (1.2.5)
    enumerize (0.10.0)
      activesupport (>= 3.2)
    erubis (2.7.0)
    excon (0.44.2)
    execjs (2.3.0)
    factory_girl (4.5.0)
      activesupport (>= 3.0.0)
    factory_girl_rails (4.5.0)
      factory_girl (~> 4.5.0)
      railties (>= 3.0.0)
    faker (1.4.3)
      i18n (~> 0.5)
    faraday (0.7.6)
      addressable (~> 2.2)
      multipart-post (~> 1.1)
      rack (~> 1.1)
    fission (0.5.0)
      CFPropertyList (~> 2.2)
    fog (1.27.0)
      fog-atmos
      fog-aws (~> 0.0)
      fog-brightbox (~> 0.4)
      fog-core (~> 1.27, >= 1.27.3)
      fog-ecloud
      fog-json
      fog-profitbricks
      fog-radosgw (>= 0.0.2)
      fog-sakuracloud (>= 0.0.4)
      fog-serverlove
      fog-softlayer
      fog-storm_on_demand
      fog-terremark
      fog-vmfusion
      fog-voxel
      fog-xml (~> 0.1.1)
      ipaddress (~> 0.5)
      nokogiri (~> 1.5, >= 1.5.11)
    fog-atmos (0.1.0)
      fog-core
      fog-xml
    fog-aws (0.1.0)
      fog-core (~> 1.27)
      fog-json (~> 1.0)
      fog-xml (~> 0.1)
      ipaddress (~> 0.8)
    fog-brightbox (0.7.1)
      fog-core (~> 1.22)
      fog-json
      inflecto (~> 0.0.2)
    fog-core (1.28.0)
      builder
      excon (~> 0.38)
      formatador (~> 0.2)
      mime-types
      net-scp (~> 1.1)
      net-ssh (>= 2.1.3)
    fog-ecloud (0.0.2)
      fog-core
      fog-xml
    fog-json (1.0.0)
      multi_json (~> 1.0)
    fog-profitbricks (0.0.1)
      fog-core
      fog-xml
      nokogiri
    fog-radosgw (0.0.3)
      fog-core (>= 1.21.0)
      fog-json
      fog-xml (>= 0.0.1)
    fog-sakuracloud (1.0.0)
      fog-core
      fog-json
    fog-serverlove (0.1.1)
      fog-core
      fog-json
    fog-softlayer (0.4.1)
      fog-core
      fog-json
    fog-storm_on_demand (0.1.0)
      fog-core
      fog-json
    fog-terremark (0.0.4)
      fog-core
      fog-xml
    fog-vmfusion (0.0.1)
      fission
      fog-core
    fog-voxel (0.0.2)
      fog-core
      fog-xml
    fog-xml (0.1.1)
      fog-core
      nokogiri (~> 1.5, >= 1.5.11)
    font-awesome-sass (4.3.2.1)
      sass (~> 3.2)
    formatador (0.2.5)
    haml (4.0.6)
      tilt
    haml-rails (0.8.2)
      actionpack (>= 4.0.1)
      activesupport (>= 4.0.1)
      haml (>= 3.1, < 5.0)
      html2haml (>= 1.0.1)
      railties (>= 4.0.1)
    hashie (3.4.0)
    hike (1.2.3)
    hstore_accessor (0.9.1)
      activerecord (>= 4.0.0)
    html2haml (2.0.0)
      erubis (~> 2.7.0)
      haml (~> 4.0.0)
      nokogiri (~> 1.6.0)
      ruby_parser (~> 3.5)
    i18n (0.7.0)
    icalendar (2.2.2)
    inflecto (0.0.2)
    ipaddress (0.8.0)
    jquery-rails (3.1.2)
      railties (>= 3.0, < 5.0)
      thor (>= 0.14, < 2.0)
    json (1.8.2)
    kaminari (0.16.3)
      actionpack (>= 3.0.0)
      activesupport (>= 3.0.0)
    kgio (2.9.3)
    launchy (2.4.3)
      addressable (~> 2.3)
    machinist (1.0.6)
    machinist_mongo (1.2.0)
      machinist (~> 1.0.6)
    mail (2.5.4)
      mime-types (~> 1.16)
      treetop (~> 1.4.8)
    mime-types (1.25.1)
    mini_portile (0.6.2)
    minitest (5.6.1)
    mongoid (4.0.1)
      activemodel (~> 4.0)
      moped (~> 2.0.0)
      origin (~> 2.1)
      tzinfo (>= 0.3.37)
    mongoid-grid_fs (2.1.0)
      mime-types (>= 1.0, < 3.0)
      mongoid (>= 3.0, < 5.0)
    mongoid-tree (2.0.0)
      mongoid (>= 4.0, <= 5.0)
    moped (2.0.3)
      bson (~> 2.2)
      connection_pool (~> 2.0)
      optionable (~> 0.2.0)
    multi_json (1.0.4)
    multi_xml (0.4.4)
    multipart-post (1.2.0)
    net-scp (1.2.1)
      net-ssh (>= 2.6.5)
    net-ssh (2.9.2)
    nifty-generators (0.4.6)
    nokogiri (1.6.6.2)
      mini_portile (~> 0.6.0)
    oa-core (0.3.2)
    oa-oauth (0.3.2)
      faraday (~> 0.7.3)
      multi_json (~> 1.0.0)
      multi_xml (~> 0.4.0)
      oa-core (= 0.3.2)
      oauth (~> 0.4.0)
      oauth2 (~> 0.5.0)
    oauth (0.4.7)
    oauth2 (0.5.2)
      faraday (~> 0.7)
      multi_json (~> 1.0)
    omniauth (1.2.2)
      hashie (>= 1.2, < 4)
      rack (~> 1.0)
    optionable (0.2.0)
    origin (2.1.1)
    orm_adapter (0.5.0)
    pg (0.18.1)
    polyglot (0.3.5)
    rack (1.5.3)
    rack-test (0.6.3)
      rack (>= 1.0)
    rails (4.1.3)
      actionmailer (= 4.1.3)
      actionpack (= 4.1.3)
      actionview (= 4.1.3)
      activemodel (= 4.1.3)
      activerecord (= 4.1.3)
      activesupport (= 4.1.3)
      bundler (>= 1.3.0, < 2.0)
      railties (= 4.1.3)
      sprockets-rails (~> 2.0)
    rails_12factor (0.0.3)
      rails_serve_static_assets
      rails_stdout_logging
    rails_serve_static_assets (0.0.4)
    rails_stdout_logging (0.0.3)
    railties (4.1.3)
      actionpack (= 4.1.3)
      activesupport (= 4.1.3)
      rake (>= 0.8.7)
      thor (>= 0.18.1, < 2.0)
    raindrops (0.13.0)
    rake (10.4.2)
    remarkable (4.0.0.alpha4)
      rspec (>= 2.0.0.alpha11)
    remarkable_activemodel (4.0.0.alpha4)
      remarkable (~> 4.0.0.alpha4)
      rspec (>= 2.0.0.alpha11)
    remarkable_mongoid (0.6.0)
      remarkable_activemodel (~> 4.0.0.alpha4)
    remotipart (1.2.1)
    request_store (1.0.8)
    responders (1.1.2)
      railties (>= 3.2, < 4.2)
    rmagick (2.13.4)
    rspec (3.1.0)
      rspec-core (~> 3.1.0)
      rspec-expectations (~> 3.1.0)
      rspec-mocks (~> 3.1.0)
    rspec-autotest (1.0.0)
      rspec-core (>= 2.99.0.beta1, < 4.0.0)
    rspec-core (3.1.7)
      rspec-support (~> 3.1.0)
    rspec-expectations (3.1.2)
      diff-lcs (>= 1.2.0, < 2.0)
      rspec-support (~> 3.1.0)
    rspec-mocks (3.1.3)
      rspec-support (~> 3.1.0)
    rspec-rails (3.1.0)
      actionpack (>= 3.0)
      activesupport (>= 3.0)
      railties (>= 3.0)
      rspec-core (~> 3.1.0)
      rspec-expectations (~> 3.1.0)
      rspec-mocks (~> 3.1.0)
      rspec-support (~> 3.1.0)
    rspec-support (3.1.2)
    ruby_parser (3.6.4)
      sexp_processor (~> 4.1)
    sass (3.2.19)
    sass-rails (4.0.5)
      railties (>= 4.0.0, < 5.0)
      sass (~> 3.2.2)
      sprockets (~> 2.8, < 3.0)
      sprockets-rails (~> 2.0)
    sexp_processor (4.4.5)
    simple_form (3.1.0)
      actionpack (~> 4.0)
      activemodel (~> 4.0)
    skylight (0.6.0)
      activesupport (>= 3.0.0)
    sprockets (2.12.3)
      hike (~> 1.2)
      multi_json (~> 1.0)
      rack (~> 1.0)
      tilt (~> 1.1, != 1.3.0)
    sprockets-rails (2.3.0)
      actionpack (>= 3.0)
      activesupport (>= 3.0)
      sprockets (>= 2.8, < 4.0)
    tenancy (1.0.1)
      activesupport (>= 3.2)
      request_store (~> 1.0.5)
    thor (0.19.1)
    thread_safe (0.3.5)
    tilt (1.4.1)
    treetop (1.4.15)
      polyglot
      polyglot (>= 0.3.1)
    tzinfo (1.2.2)
      thread_safe (~> 0.1)
    uglifier (2.7.0)
      execjs (>= 0.3.0)
      json (>= 1.8.0)
    unicorn (4.8.3)
      kgio (~> 2.6)
      rack
      raindrops (~> 0.7)
    warden (1.2.3)
      rack (>= 1.0)
    webrat (0.7.3)
      nokogiri (>= 1.2.0)
      rack (>= 1.0)
      rack-test (>= 0.5.3)
    xpath (2.0.0)
      nokogiri (~> 1.3)

PLATFORMS
  ruby

DEPENDENCIES
  RedCloth
  active_model_serializers
  acts_as_taggable_on
  ancestry
  autoprefixer-rails
  autotest
  autotest-notification
  autotest-rails
  bootstrap-sass (~> 3.2.0)
  capybara
  carrierwave-mongoid
  chronic
  database_cleaner
  devise
  enumerize
  factory_girl_rails
  faker
  fog
  font-awesome-sass (~> 4.3.0)
  haml
  haml-rails
  hstore_accessor (~> 0.9.0)
  icalendar
  jquery-rails
  kaminari
  launchy
  machinist_mongo
  mongoid (~> 4.0.1)
  mongoid-tree
  mongoid_taggable!
  nifty-generators
  oa-oauth
  omniauth
  pg
  rails (= 4.1.3)
  rails_12factor
  remarkable_mongoid (>= 0.5.0)
  remotipart (~> 1.0)
  rmagick (~> 2.13.4)
  rspec (>= 2.0.1)
  rspec-autotest
  rspec-rails (~> 3.1.0)
  sass-rails (~> 4.0.0.rc1)
  simple_form (~> 3.1.0.rc2)
  skylight
  tenancy
  uglifier (>= 1.3.0)
  unicorn
  webrat
